PATH
  remote: .
  specs:
    json_schemer (0.2.7)
      ecma-re-validator (~> 0.2)
      hana (~> 1.3)
      regexp_parser (~> 1.5)
      uri_template (~> 0.7)

GEM
  remote: https://rubygems.org/
  specs:
    ecma-re-validator (0.2.0)
      regexp_parser (~> 1.2)
    hana (1.3.5)
    minitest (5.11.3)
    rake (10.5.0)
    regexp_parser (1.6.0)
    uri_template (0.7.0)

PLATFORMS
  ruby

DEPENDENCIES
  bundler (~> 2.0)
  json_schemer!
  minitest (~> 5.0)
  rake (~> 10.0)

BUNDLED WITH
   2.0.2
