GIT
  remote: https://github.com/alecslupu/wisper-activerecord.git
  revision: 02de378dd388813e2ed230b841963351253f18aa
  specs:
    wisper-activerecord (1.0.1)
      activerecord (>= 3.0.0)
      wisper (~> 2.0)

GIT
  remote: https://github.com/oscardelben/firebase-ruby.git
  revision: f700437b4a3e3ed8b073c48aacedf8808cf884b6
  specs:
    firebase (0.2.8)
      googleauth
      httpclient (>= 2.5.3)
      json

GIT
  remote: https://github.com/thoughtbot/shoulda-matchers.git
  revision: 4b160bd19ecca7f97d7ac22dccd5fde9b0da5a9f
  branch: rails-5
  specs:
    shoulda-matchers (3.1.2)
      activesupport (>= 4.2.0)

GEM
  remote: https://rubygems.org/
  specs:
    aasm (5.0.8)
      concurrent-ruby (~> 1.0)
    actioncable (6.0.3.2)
      actionpack (= 6.0.3.2)
      nio4r (~> 2.0)
      websocket-driver (>= 0.6.1)
    actionmailbox (6.0.3.2)
      actionpack (= 6.0.3.2)
      activejob (= 6.0.3.2)
      activerecord (= 6.0.3.2)
      activestorage (= 6.0.3.2)
      activesupport (= 6.0.3.2)
      mail (>= 2.7.1)
    actionmailer (6.0.3.2)
      actionpack (= 6.0.3.2)
      actionview (= 6.0.3.2)
      activejob (= 6.0.3.2)
      mail (~> 2.5, >= 2.5.4)
      rails-dom-testing (~> 2.0)
    actionpack (6.0.3.2)
      actionview (= 6.0.3.2)
      activesupport (= 6.0.3.2)
      rack (~> 2.0, >= 2.0.8)
      rack-test (>= 0.6.3)
      rails-dom-testing (~> 2.0)
      rails-html-sanitizer (~> 1.0, >= 1.2.0)
    actionpack-page_caching (1.2.3)
      actionpack (>= 5.0.0)
    actiontext (6.0.3.2)
      actionpack (= 6.0.3.2)
      activerecord (= 6.0.3.2)
      activestorage (= 6.0.3.2)
      activesupport (= 6.0.3.2)
      nokogiri (>= 1.8.5)
    actionview (6.0.3.2)
      activesupport (= 6.0.3.2)
      builder (~> 3.1)
      erubi (~> 1.4)
      rails-dom-testing (~> 2.0)
      rails-html-sanitizer (~> 1.1, >= 1.2.0)
    active_storage_validations (0.8.9)
      rails (>= 5.2.0)
    activejob (6.0.3.2)
      activesupport (= 6.0.3.2)
      globalid (>= 0.3.6)
    activemodel (6.0.3.2)
      activesupport (= 6.0.3.2)
    activemodel-serializers-xml (1.0.2)
      activemodel (> 5.x)
      activesupport (> 5.x)
      builder (~> 3.1)
    activerecord (6.0.3.2)
      activemodel (= 6.0.3.2)
      activesupport (= 6.0.3.2)
    activestorage (6.0.3.2)
      actionpack (= 6.0.3.2)
      activejob (= 6.0.3.2)
      activerecord (= 6.0.3.2)
      marcel (~> 0.3.1)
    activesupport (6.0.3.2)
      concurrent-ruby (~> 1.0, >= 1.0.2)
      i18n (>= 0.7, < 2)
      minitest (~> 5.1)
      tzinfo (~> 1.1)
      zeitwerk (~> 2.2, >= 2.2.2)
    acts-as-taggable-on (6.5.0)
      activerecord (>= 5.0, < 6.1)
    acts_as_api (1.0.1)
      activemodel (>= 3.0.0)
      activesupport (>= 3.0.0)
      rack (>= 1.1.0)
    acts_as_tenant (0.4.4)
      rails (>= 4.0)
      request_store (>= 1.0.5)
    addressable (2.7.0)
      public_suffix (>= 2.0.2, < 5.0)
    airbrussh (1.4.0)
      sshkit (>= 1.6.1, != 1.7.0)
    annotate (2.7.5)
      activerecord (>= 3.2, < 7.0)
      rake (>= 10.4, < 13.0)
    ansi (1.5.0)
    api-pagination (4.8.2)
    ast (2.4.1)
    attribute_normalizer (1.2.0)
    awesome_nested_set (3.2.0)
      activerecord (>= 4.0.0, < 7.0)
    awesome_print (1.8.0)
    aws-eventstream (1.1.0)
    aws-partitions (1.329.0)
    aws-sdk-core (3.99.2)
      aws-eventstream (~> 1, >= 1.0.2)
      aws-partitions (~> 1, >= 1.239.0)
      aws-sigv4 (~> 1.1)
      jmespath (~> 1.0)
    aws-sdk-elastictranscoder (1.22.1)
      aws-sdk-core (~> 3, >= 3.99.0)
      aws-sigv4 (~> 1.1)
    aws-sdk-kms (1.34.1)
      aws-sdk-core (~> 3, >= 3.99.0)
      aws-sigv4 (~> 1.1)
    aws-sdk-s3 (1.68.1)
      aws-sdk-core (~> 3, >= 3.99.0)
      aws-sdk-kms (~> 1)
      aws-sigv4 (~> 1.1)
    aws-sdk-sns (1.25.1)
      aws-sdk-core (~> 3, >= 3.99.0)
      aws-sigv4 (~> 1.1)
    aws-sdk-sqs (1.27.1)
      aws-sdk-core (~> 3, >= 3.99.0)
      aws-sigv4 (~> 1.1)
    aws-sigv4 (1.1.4)
      aws-eventstream (~> 1.0, >= 1.0.2)
    axiom-types (0.1.1)
      descendants_tracker (~> 0.0.4)
      ice_nine (~> 0.11.0)
      thread_safe (~> 0.3, >= 0.3.1)
    bcrypt (3.1.13)
    benchmark-ips (2.8.2)
    better_errors (2.7.1)
      coderay (>= 1.0.0)
      erubi (>= 1.0.0)
      rack (>= 0.9.0)
    bindex (0.8.1)
    binding_of_caller (0.8.0)
      debug_inspector (>= 0.0.1)
    brakeman (4.8.2)
    builder (3.2.4)
    bullet (6.1.0)
      activesupport (>= 3.0.0)
      uniform_notifier (~> 1.11)
    byebug (11.1.3)
    c21e (1.1.9)
    capistrano (3.14.1)
      airbrussh (>= 1.0.0)
      i18n
      rake (>= 10.0.0)
      sshkit (>= 1.9.0)
    capistrano-bundler (1.6.0)
      capistrano (~> 3.1)
    capistrano-rails (1.5.0)
      capistrano (~> 3.1)
      capistrano-bundler (~> 1.1)
    capistrano3-puma (4.0.0)
      capistrano (~> 3.7)
      capistrano-bundler
      puma (~> 4.0)
    choice (0.2.0)
    chronic (0.10.2)
    climate_control (0.2.0)
    coderay (1.1.3)
    coercible (1.0.0)
      descendants_tracker (~> 0.0.1)
    coffee-rails (5.0.0)
      coffee-script (>= 2.2.0)
      railties (>= 5.2.0)
    coffee-script (2.4.1)
      coffee-script-source
      execjs
    coffee-script-source (1.12.2)
    concurrent-ruby (1.1.6)
    connection_pool (2.2.2)
    countries (3.0.0)
      i18n_data (~> 0.8.0)
      sixarm_ruby_unaccent (~> 1.1)
      unicode_utils (~> 1.4)
    crack (0.4.3)
      safe_yaml (~> 1.0.0)
    crass (1.0.6)
    cucumber-messages (2.1.2)
      google-protobuf (>= 3.2, <= 3.7)
    daemons (1.3.1)
    database_cleaner (1.7.0)
    debug_inspector (0.0.3)
    derailed_benchmarks (1.7.0)
      benchmark-ips (~> 2)
      get_process_mem (~> 0)
      heapy (~> 0)
      memory_profiler (~> 0)
      mini_histogram (~> 0)
      rack (>= 1)
      rake (> 10, < 14)
      ruby-statistics (>= 2.1)
      thor (>= 0.19, < 2)
      unicode_plot (>= 0.0.4, < 1.0.0)
    descendants_tracker (0.0.4)
      thread_safe (~> 0.3, >= 0.3.1)
    diff-lcs (1.3)
    docile (1.3.2)
    domain_name (0.5.20190701)
      unf (>= 0.0.5, < 1.0.0)
    dotenv (2.7.5)
    dotenv-rails (2.7.5)
      dotenv (= 2.7.5)
      railties (>= 3.2, < 6.1)
    ecma-re-validator (0.2.1)
      regexp_parser (~> 1.2)
    elastic-apm (3.7.0)
      concurrent-ruby (~> 1.0)
      http (>= 3.0)
    email_validator (2.0.1)
      activemodel
    enumerable-statistics (2.0.1)
    equalizer (0.0.11)
    erubi (1.9.0)
    erubis (2.7.0)
    execjs (2.7.0)
    factory_bot (5.2.0)
      activesupport (>= 4.2.0)
    factory_bot_rails (5.2.0)
      factory_bot (~> 5.2.0)
      railties (>= 4.2.0)
    faker (2.12.0)
      i18n (>= 1.6, < 2)
    faraday (0.17.3)
      multipart-post (>= 1.2, < 3)
    fast_gettext (2.0.1)
    fcm (0.0.6)
      httparty (~> 0.10, >= 0.10.0)
    ffi (1.13.1)
    ffi-compiler (1.0.1)
      ffi (>= 1.0.0)
      rake
    flag_shih_tzu (0.3.23)
    flay (2.12.1)
      erubis (~> 2.7.0)
      path_expander (~> 1.0)
      ruby_parser (~> 3.0)
      sexp_processor (~> 4.0)
    flog (4.6.4)
      path_expander (~> 1.0)
      ruby_parser (~> 3.1, > 3.1.0)
      sexp_processor (~> 4.8)
    formatador (0.2.5)
    fuubar (2.5.0)
      rspec-core (~> 3.0)
      ruby-progressbar (~> 1.4)
    get_process_mem (0.2.5)
      ffi (~> 1.0)
    gettext (3.2.9)
      locale (>= 2.0.5)
      text (>= 1.3.0)
    gettext_i18n_rails (1.8.0)
      fast_gettext (>= 0.9.0)
    gherkin (6.0.17)
      c21e (~> 1.1.9)
      cucumber-messages (~> 2.1.2)
    globalid (0.4.2)
      activesupport (>= 4.2.0)
    globalize (5.3.0)
      activemodel (>= 4.2, < 6.1)
      activerecord (>= 4.2, < 6.1)
      request_store (~> 1.0)
    globalize-versioning (0.4.0)
      activemodel (>= 4.2.0, < 6.1)
      activerecord (>= 4.2.0, < 6.1)
      globalize (>= 5.1.0, < 6)
      paper_trail (>= 8, < 12)
    goldiloader (3.1.1)
      activerecord (>= 4.2, < 6.1)
      activesupport (>= 4.2, < 6.1)
    google-protobuf (3.7.0)
    google_places (2.0.0)
      httparty (>= 0.13.1)
    googleauth (0.10.0)
      faraday (~> 0.12)
      jwt (>= 1.4, < 3.0)
      memoist (~> 0.16)
      multi_json (~> 1.11)
      os (>= 0.9, < 2.0)
      signet (~> 0.12)
    guard (2.16.2)
      formatador (>= 0.2.4)
      listen (>= 2.7, < 4.0)
      lumberjack (>= 1.0.12, < 2.0)
      nenv (~> 0.1)
      notiffany (~> 0.0)
      pry (>= 0.9.12)
      shellany (~> 0.0)
      thor (>= 0.18.1)
    guard-annotate (2.3)
      annotate (~> 2.4, >= 2.4.0)
      guard-compat (~> 1.2, >= 1.2.1)
    guard-brakeman (0.8.6)
      brakeman (>= 2.1.1)
      guard (>= 2.0.0)
      guard-compat (~> 1.0)
    guard-compat (1.2.1)
    guard-rspec (4.7.3)
      guard (~> 2.1)
      guard-compat (~> 1.1)
      rspec (>= 2.99.0, < 4.0)
    haml (5.1.2)
      temple (>= 0.8.0)
      tilt
    hana (1.3.6)
    has_scope (0.7.2)
      actionpack (>= 4.1)
      activesupport (>= 4.1)
    hashdiff (1.0.1)
    heapy (0.1.4)
    http (4.4.1)
      addressable (~> 2.3)
      http-cookie (~> 1.0)
      http-form_data (~> 2.2)
      http-parser (~> 1.2.0)
    http-cookie (1.0.3)
      domain_name (~> 0.5)
    http-form_data (2.3.0)
    http-parser (1.2.1)
      ffi-compiler (>= 1.0, < 2.0)
    httparty (0.18.1)
      mime-types (~> 3.0)
      multi_xml (>= 0.5.2)
    httpclient (2.8.3)
    httplog (1.3.3)
      rack (>= 1.0)
      rainbow (>= 2.0.0)
    i18n (1.8.3)
      concurrent-ruby (~> 1.0)
    i18n_data (0.8.0)
    ice_nine (0.11.2)
    image_processing (1.11.0)
      mini_magick (>= 4.9.5, < 5)
      ruby-vips (>= 2.0.17, < 3)
    jb (0.7.1)
      multi_json
    jbuilder (2.10.0)
      activesupport (>= 5.0.0)
    jmespath (1.4.0)
    jquery-rails (4.3.5)
      rails-dom-testing (>= 1, < 3)
      railties (>= 4.2.0)
      thor (>= 0.14, < 2.0)
    jquery-ui-rails (6.0.1)
      railties (>= 3.2.16)
    json (2.3.0)
    json-schema (2.8.1)
      addressable (>= 2.4)
    json_schemer (0.2.11)
      ecma-re-validator (~> 0.2)
      hana (~> 1.3)
      regexp_parser (~> 1.5)
      uri_template (~> 0.7)
    jwt (2.2.1)
    kaminari (1.2.1)
      activesupport (>= 4.1.0)
      kaminari-actionview (= 1.2.1)
      kaminari-activerecord (= 1.2.1)
      kaminari-core (= 1.2.1)
    kaminari-actionview (1.2.1)
      actionview
      kaminari-core (= 1.2.1)
    kaminari-activerecord (1.2.1)
      activerecord
      kaminari-core (= 1.2.1)
    kaminari-core (1.2.1)
    koala (3.0.0)
      addressable
      faraday
      json (>= 1.8)
    kwalify (0.7.2)
    launchy (2.4.3)
      addressable (~> 2.3)
    listen (3.1.5)
      rb-fsevent (~> 0.9, >= 0.9.4)
      rb-inotify (~> 0.9, >= 0.9.7)
      ruby_dep (~> 1.2)
    locale (2.1.2)
    lol_dba (2.2.0)
      actionpack (>= 3.0, < 7.0)
      activerecord (>= 3.0, < 7.0)
      railties (>= 3.0, < 7.0)
    loofah (2.18.0)
      crass (~> 1.0.2)
      nokogiri (>= 1.5.9)
    lumberjack (1.2.6)
    mail (2.7.1)
      mini_mime (>= 0.1.1)
    marcel (0.3.3)
      mimemagic (~> 0.3.2)
    memoist (0.16.1)
    memory_profiler (0.9.14)
    method_source (1.0.0)
    mime-types (3.3.1)
      mime-types-data (~> 3.2015)
    mime-types-data (3.2020.0512)
    mimemagic (0.3.5)
    mini_histogram (0.1.3)
    mini_magick (4.10.1)
    mini_mime (1.0.2)
    mini_portile2 (2.6.1)
    minitest (5.14.1)
    multi_json (1.14.1)
    multi_xml (0.6.0)
    multipart-post (2.1.1)
    nenv (0.3.0)
    nested_form (0.3.2)
    net-scp (3.0.0)
      net-ssh (>= 2.6.5, < 7.0.0)
    net-ssh (6.1.0)
    nio4r (2.5.2)
    nokogiri (1.12.5)
      mini_portile2 (~> 2.6.1)
      racc (~> 1.4)
    notiffany (0.1.3)
      nenv (~> 0.1)
      shellany (~> 0.0)
    oauth (0.5.4)
    oauth2 (1.4.4)
      faraday (>= 0.8, < 2.0)
      jwt (>= 1.0, < 3.0)
      multi_json (~> 1.3)
      multi_xml (~> 0.5)
      rack (>= 1.2, < 3)
    oj (3.9.2)
    os (1.0.1)
    paper_trail (10.3.1)
      activerecord (>= 4.2)
      request_store (~> 1.1)
    paperclip (6.1.0)
      activemodel (>= 4.2.0)
      activesupport (>= 4.2.0)
      mime-types
      mimemagic (~> 0.3.0)
      terrapin (~> 0.6.0)
    paperclip-dimension-validator (0.1.1)
      paperclip (>= 4.0.0)
    paperclip-meta (3.1.0)
      paperclip (>= 5.0)
    parallel (1.19.1)
    parser (2.7.1.3)
      ast (~> 2.4.0)
    path_expander (1.1.0)
    pdf-core (0.7.0)
    pg (1.2.3)
    postgresql-check (0.1.4)
      activerecord (>= 3.2.0)
    prawn (2.2.2)
      pdf-core (~> 0.7.0)
      ttfunk (~> 1.5)
    promise_pool (0.9.2)
      timers (>= 4.0.1)
    pry (0.13.1)
      coderay (~> 1.1)
      method_source (~> 1.0)
    pry-byebug (3.9.0)
      byebug (~> 11.0)
      pry (~> 0.13.0)
    psych (3.1.0)
    public_suffix (4.0.5)
    puma (4.3.5)
      nio4r (~> 2.0)
    pundit (2.1.0)
      activesupport (>= 3.0.0)
    pundit-matchers (1.6.0)
      rspec-rails (>= 3.0.0)
    racc (1.6.0)
    rack (2.2.3)
    rack-cors (1.1.1)
      rack (>= 2.0.0)
    rack-pjax (1.1.0)
      nokogiri (~> 1.5)
      rack (>= 1.1)
    rack-protection (2.0.7)
      rack
    rack-test (1.1.0)
      rack (>= 1.0, < 3)
    rails (6.0.3.2)
      actioncable (= 6.0.3.2)
      actionmailbox (= 6.0.3.2)
      actionmailer (= 6.0.3.2)
      actionpack (= 6.0.3.2)
      actiontext (= 6.0.3.2)
      actionview (= 6.0.3.2)
      activejob (= 6.0.3.2)
      activemodel (= 6.0.3.2)
      activerecord (= 6.0.3.2)
      activestorage (= 6.0.3.2)
      activesupport (= 6.0.3.2)
      bundler (>= 1.3.0)
      railties (= 6.0.3.2)
      sprockets-rails (>= 2.0.0)
    rails-controller-testing (1.0.4)
      actionpack (>= 5.0.1.x)
      actionview (>= 5.0.1.x)
      activesupport (>= 5.0.1.x)
    rails-dom-testing (2.0.3)
      activesupport (>= 4.2.0)
      nokogiri (>= 1.6)
    rails-erd (1.6.0)
      activerecord (>= 4.2)
      activesupport (>= 4.2)
      choice (~> 0.2.0)
      ruby-graphviz (~> 1.2)
    rails-html-sanitizer (1.4.3)
      loofah (~> 2.3)
    rails_admin (2.0.2)
      activemodel-serializers-xml (>= 1.0)
      builder (~> 3.1)
      haml (>= 4.0, < 6)
      jquery-rails (>= 3.0, < 5)
      jquery-ui-rails (>= 5.0, < 7)
      kaminari (>= 0.14, < 2.0)
      nested_form (~> 0.3)
      rack-pjax (>= 0.7)
      rails (>= 5.0, < 7)
      remotipart (~> 1.3)
      sassc-rails (>= 1.3, < 3)
    rails_admin_globalize_field (1.2.0)
      globalize (>= 5.0)
      rails (>= 5.0)
      rails_admin (>= 2.0)
    rails_admin_nested_set (0.5.4)
      rails (>= 4.1.0)
      rails_admin
    railties (6.0.3.2)
      actionpack (= 6.0.3.2)
      activesupport (= 6.0.3.2)
      method_source
      rake (>= 0.8.7)
      thor (>= 0.20.3, < 2.0)
    rainbow (3.0.0)
    rake (12.3.3)
    rb-fsevent (0.10.4)
    rb-inotify (0.10.1)
      ffi (~> 1.0)
    redis (4.1.3)
    redis-actionpack (5.1.0)
      actionpack (>= 4.0, < 7)
      redis-rack (>= 1, < 3)
      redis-store (>= 1.1.0, < 2)
    redis-activesupport (5.2.0)
      activesupport (>= 3, < 7)
      redis-store (>= 1.3, < 2)
    redis-namespace (1.6.0)
      redis (>= 3.0.4)
    redis-rack (2.0.6)
      rack (>= 1.5, < 3)
      redis-store (>= 1.2, < 2)
    redis-rails (5.0.2)
      redis-actionpack (>= 5.0, < 6)
      redis-activesupport (>= 5.0, < 6)
      redis-store (>= 1.2, < 2)
    redis-store (1.8.1)
      redis (>= 4, < 5)
    reek (6.0.1)
      kwalify (~> 0.7.0)
      parser (>= 2.5.0.0, < 2.8, != 2.5.1.1)
      psych (~> 3.1.0)
      rainbow (>= 2.0, < 4.0)
    regexp_parser (1.7.1)
    remotipart (1.4.4)
    request_store (1.5.0)
      rack (>= 1.4)
    rest-builder (0.9.2)
      httpclient
      mime-types
      promise_pool
    rest-core (4.0.1)
      rest-builder
    rest-firebase (1.1.0)
      rest-core (>= 4.0.0)
    rexml (3.2.4)
    rspec (3.9.0)
      rspec-core (~> 3.9.0)
      rspec-expectations (~> 3.9.0)
      rspec-mocks (~> 3.9.0)
    rspec-core (3.9.2)
      rspec-support (~> 3.9.3)
    rspec-expectations (3.9.2)
      diff-lcs (>= 1.2.0, < 2.0)
      rspec-support (~> 3.9.0)
    rspec-mocks (3.9.1)
      diff-lcs (>= 1.2.0, < 2.0)
      rspec-support (~> 3.9.0)
    rspec-rails (4.0.1)
      actionpack (>= 4.2)
      activesupport (>= 4.2)
      railties (>= 4.2)
      rspec-core (~> 3.9)
      rspec-expectations (~> 3.9)
      rspec-mocks (~> 3.9)
      rspec-support (~> 3.9)
    rspec-support (3.9.3)
    rswag-api (2.3.1)
      railties (>= 3.1, < 7.0)
    rswag-specs (2.3.1)
      activesupport (>= 3.1, < 7.0)
      json-schema (~> 2.2)
      railties (>= 3.1, < 7.0)
    rswag-ui (2.3.1)
      actionpack (>= 3.1, < 7.0)
      railties (>= 3.1, < 7.0)
    rubocop (0.85.1)
      parallel (~> 1.10)
      parser (>= 2.7.0.1)
      rainbow (>= 2.2.2, < 4.0)
      regexp_parser (>= 1.7)
      rexml
      rubocop-ast (>= 0.0.3)
      ruby-progressbar (~> 1.7)
      unicode-display_width (>= 1.4.0, < 2.0)
    rubocop-ast (0.0.3)
      parser (>= 2.7.0.1)
    rubocop-performance (1.6.1)
      rubocop (>= 0.71.0)
    rubocop-rails (2.6.0)
      activesupport (>= 4.2.0)
      rack (>= 1.1)
      rubocop (>= 0.82.0)
    rubocop-rspec (1.40.0)
      rubocop (>= 0.68.1)
    ruby-graphviz (1.2.4)
    ruby-progressbar (1.10.1)
    ruby-statistics (2.1.2)
    ruby-vips (2.0.17)
      ffi (~> 1.9)
    ruby_dep (1.5.0)
    ruby_parser (3.14.2)
      sexp_processor (~> 4.9)
    rubycritic (4.5.0)
      flay (~> 2.8)
      flog (~> 4.4)
      launchy (>= 2.0.0)
      parser (>= 2.6.0)
      rainbow (~> 3.0)
      reek (~> 6.0, < 7.0)
      ruby_parser (~> 3.8)
      simplecov (>= 0.17.0)
      tty-which (~> 0.4.0)
      virtus (~> 1.0)
    safe_yaml (1.0.5)
    sass-rails (6.0.0)
      sassc-rails (~> 2.1, >= 2.1.1)
    sassc (2.3.0)
      ffi (~> 1.9)
    sassc-rails (2.1.2)
      railties (>= 4.0.0)
      sassc (>= 2.0)
      sprockets (> 3.0)
      sprockets-rails
      tilt
    sexp_processor (4.14.1)
    shellany (0.0.1)
    sidekiq (6.0.7)
      connection_pool (>= 2.2.2)
      rack (~> 2.0)
      rack-protection (>= 2.0.0)
      redis (>= 4.1.0)
    signet (0.12.0)
      addressable (~> 2.3)
      faraday (~> 0.9)
      jwt (>= 1.5, < 3.0)
      multi_json (~> 1.10)
    simplecov (0.18.5)
      docile (~> 1.1)
      simplecov-html (~> 0.11)
    simplecov-console (0.7.2)
      ansi
      simplecov
      terminal-table
    simplecov-html (0.12.2)
    sixarm_ruby_unaccent (1.2.0)
    slackistrano (4.0.1)
      capistrano (>= 3.8.1)
    sorcery (0.15.0)
      bcrypt (~> 3.1)
      oauth (~> 0.4, >= 0.4.4)
      oauth2 (~> 1.0, >= 0.8.0)
    spring (2.1.0)
    spring-watcher-listen (2.0.1)
      listen (>= 2.7, < 4.0)
      spring (>= 1.2, < 3.0)
    sprockets (3.7.2)
      concurrent-ruby (~> 1.0)
      rack (> 1, < 3)
    sprockets-rails (3.2.1)
      actionpack (>= 4.0)
      activesupport (>= 4.0)
      sprockets (>= 3.0.0)
    sshkit (1.21.0)
      net-scp (>= 1.1.2)
      net-ssh (>= 2.8.0)
    stackprof (0.2.13)
    streamio-ffmpeg (3.0.2)
      multi_json (~> 1.8)
    temple (0.8.2)
    terminal-table (1.8.0)
      unicode-display_width (~> 1.1, >= 1.1.1)
    terrapin (0.6.0)
      climate_control (>= 0.0.3, < 1.0)
    text (1.3.1)
    thor (1.0.1)
    thread_safe (0.3.6)
    tilt (2.0.10)
    timecop (0.9.1)
    timers (4.3.0)
    ttfunk (1.5.1)
    tty-which (0.4.2)
    turnip (4.0.1)
      gherkin (~> 6.0.17)
      rspec (>= 3.0, < 4.0)
    tzinfo (1.2.7)
      thread_safe (~> 0.1)
    uglifier (4.2.0)
      execjs (>= 0.3.0, < 3)
    unf (0.1.4)
      unf_ext
    unf_ext (0.0.7.7)
    unicode-display_width (1.7.0)
    unicode_plot (0.0.4)
      enumerable-statistics (>= 2.0.1)
    unicode_utils (1.4.0)
    uniform_notifier (1.13.0)
    uri_template (0.7.0)
    uuidtools (2.1.5)
    virtus (1.0.5)
      axiom-types (~> 0.1)
      coercible (~> 1.0)
      descendants_tracker (~> 0.0, >= 0.0.3)
      equalizer (~> 0.0, >= 0.0.9)
    web-console (4.0.2)
      actionview (>= 6.0.0)
      activemodel (>= 6.0.0)
      bindex (>= 0.4.0)
      railties (>= 6.0.0)
    webmock (3.8.3)
      addressable (>= 2.3.6)
      crack (>= 0.3.2)
      hashdiff (>= 0.4.0, < 2.0.0)
    websocket-driver (0.7.2)
      websocket-extensions (>= 0.1.0)
    websocket-extensions (0.1.5)
    whenever (1.0.0)
      chronic (>= 0.6.3)
    wisper (2.0.1)
    wisper-activejob (1.0.0)
      activejob (>= 4.0.0)
      wisper
    wisper-rspec (1.1.0)
    zeitwerk (2.3.0)

PLATFORMS
  ruby

DEPENDENCIES
  aasm
  actionpack-page_caching (>= 1.2.3)
  active_storage_validations
  acts-as-taggable-on
  acts_as_api
  acts_as_tenant
  api-pagination
  attribute_normalizer
  awesome_nested_set
  awesome_print
  aws-sdk-elastictranscoder (>= 1.22.1)
  aws-sdk-s3 (>= 1.68.0)
  aws-sdk-sns (>= 1.25.1)
  aws-sdk-sqs (>= 1.27.1)
  bcrypt (~> 3.1.7)
  better_errors (>= 2.7.1)
  binding_of_caller
  bullet (>= 6.1.0)
  byebug (~> 11.1.3)
  capistrano (> 3.14)
  capistrano-bundler
  capistrano-rails (>= 1.5.0)
  capistrano3-puma (>= 4.0.0)
  coffee-rails
  countries
  daemons (~> 1.3.1)
  database_cleaner
  derailed_benchmarks (>= 1.7.0)
  dotenv-rails (~> 2.7.5)
  elastic-apm (>= 3.7.0)
  email_validator
  erubis
  factory_bot_rails (>= 5.2.0)
  faker (>= 2.12.0)
  fcm
  firebase!
  flag_shih_tzu
  fuubar (>= 2.5.0)
  gettext (>= 3.0.2)
  gettext_i18n_rails
  globalize
  globalize-versioning
  goldiloader
  google_places
  guard-annotate
  guard-brakeman (>= 0.8.6)
  guard-rspec
  has_scope
  httparty (>= 0.18.1)
  httplog
  image_processing
  jb
  jbuilder (>= 2.10.0)
  json (~> 2.3.0)
  json_schemer (>= 0.2.11)
  jwt
  kaminari (>= 1.2.1)
  koala
  launchy
  listen (>= 3.0.5, < 3.2)
  lol_dba
  memory_profiler
  mini_magick
  oauth2
  oj
  paper_trail
  paperclip (~> 6.1.0)
  paperclip-dimension-validator
  paperclip-meta
  pg (>= 1.2.3)
  postgresql-check (>= 0.1.4)
  prawn
  pry (>= 0.13.0)
  pry-byebug (>= 3.9.0)
  psych
  puma (>= 4.3.4)
  pundit
  pundit-matchers (~> 1.6.0)
  rack-cors
  rails (~> 6.0.3)
  rails-controller-testing
  rails-erd
  rails_admin (~> 2.0.0)
  rails_admin_globalize_field
  rails_admin_nested_set
  redis
  redis-namespace
  redis-rails
  rest-firebase
  rspec-mocks (~> 3.9.0)
  rspec-rails (~> 4.0.1)
  rswag-api
  rswag-specs
  rswag-ui
  rubocop (>= 0.85.0)
  rubocop-performance (>= 1.6.1)
  rubocop-rails (>= 2.6.0)
  rubocop-rspec (>= 1.40.0)
  rubycritic (>= 4.5.0)
  sass-rails (~> 6.0)
  shoulda-matchers!
  sidekiq (>= 6.0.7)
  simplecov (~> 0.18)
  simplecov-console
  slackistrano
  sorcery (>= 0.15.0)
  spring
  spring-watcher-listen (~> 2.0.0)
  sprockets (~> 3.7.2)
  stackprof
  streamio-ffmpeg
  timecop
  turnip
  uglifier (>= 1.3.0)
  unicode_utils
  uuidtools
  web-console (>= 4.0.2)
  webmock (>= 3.8.3)
  whenever
  wisper (> 2.0.0)
  wisper-activejob
  wisper-activerecord!
  wisper-rspec

RUBY VERSION
   ruby 2.5.1p57

BUNDLED WITH
   2.1.4
